GEM
  remote: https://www.rubygems.org/
  specs:
    ast (2.3.0)
    builder (3.2.3)
    childprocess (0.7.1)
      ffi (~> 1.0, >= 1.0.11)
    cucumber (2.4.0)
      builder (>= 2.1.2)
      cucumber-core (~> 1.5.0)
      cucumber-wire (~> 0.0.1)
      diff-lcs (>= 1.1.3)
      gherkin (~> 4.0)
      multi_json (>= 1.7.5, < 2.0)
      multi_test (>= 0.1.2)
    cucumber-core (1.5.0)
      gherkin (~> 4.0)
    cucumber-wire (0.0.1)
    diff-lcs (1.3)
    ffi (1.9.18-x64-mingw32)
    gherkin (4.1.3)
    httpclient (2.8.3)
    multi_json (1.12.1)
    multi_test (0.1.2)
    parallel (1.12.0)
    parser (2.4.0.0)
      ast (~> 2.2)
    powerpack (0.1.1)
    rainbow (2.2.2)
      rake
    rake (12.0.0)
    rubocop (0.49.1)
      parallel (~> 1.10)
      parser (>= 2.3.3.1, < 3.0)
      powerpack (~> 0.1)
      rainbow (>= 1.99.1, < 3.0)
      ruby-progressbar (~> 1.7)
      unicode-display_width (~> 1.0, >= 1.0.1)
    ruby-progressbar (1.8.1)
    rubyzip (1.2.1)
    selenium-webdriver (3.4.4)
      childprocess (~> 0.5)
      rubyzip (~> 1.0)
    unicode-display_width (1.3.0)

PLATFORMS
  x64-mingw32

DEPENDENCIES
  cucumber
  httpclient
  rubocop (~> 0.49.1)
  selenium-webdriver

BUNDLED WITH
   1.15.3
